{
  "Modality": "MR",
  "MagneticFieldStrength": 3,
  "Manufacturer": "GE",
  "ManufacturersModelName": "DISCOVERY_MR750",
  "InstitutionName": "NIH_FMRIF",
  "DeviceSerialNumber": "00000000000o2o2o",
  "StationName": "fmrif3tc",
  "BodyPartExamined": "HEAD",
  "PatientPosition": "HFS",
  "ProcedureStepDescription": "MRI_Procedure_Limited",
  "SoftwareVersions": "27_LX_MR_Software_release:DV26.0_R01_1725.a",
  "MRAcquisitionType": "2D",
  "SeriesDescription": "MID1_-_1_run",
  "ProtocolName": "MID1_-_1_run",
  "ScanningSequence": "EP_RM",
  "SequenceVariant": "NONE",
  "ScanOptions": "EPI_GEMS_ACC_GEMS",
  "ImageType": [
    "ORIGINAL",
    "PRIMARY",
    "EPI",
    "NONE"
  ],
  "SeriesNumber": 9,
  "AcquisitionNumber": 1,
  "SliceThickness": 3,
  "SpacingBetweenSlices": 3.3,
  "SAR": 0.161686,
  "EchoTime": 0.03,
  "RepetitionTime": 2,
  "FlipAngle": 75,
  "PercentPhaseFOV": 100,
  "AcquisitionMatrixPE": 64,
  "ReconMatrixPE": 64,
  "EffectiveEchoSpacing": 0.000396,
  "TotalReadoutTime": 0.024948,
  "PixelBandwidth": 7812.5,
  "PhaseEncodingAxis": "j",
  "ImageOrientationPatientDICOM": [
    1,
    0,
    0,
    0,
    0.99954,
    -0.03036
  ],
  "InPlanePhaseEncodingDirectionDICOM": "COL",
  "ConversionSoftware": "dcm2niix",
  "ConversionSoftwareVersion": "v1.0.20180622 GCC4.8.5",
  "AcquisitionDateTime": "1861-05-22T19:39:54",
  "PhaseEncodingDirection": "j",
  "SliceTiming": [
    0.0,
    1.02439,
    0.04878,
    1.073171,
    0.097561,
    1.121951,
    0.146341,
    1.170732,
    0.195122,
    1.219512,
    0.243902,
    1.268293,
    0.292683,
    1.317073,
    0.341463,
    1.365854,
    0.390244,
    1.414634,
    0.439024,
    1.463415,
    0.487805,
    1.512195,
    0.536585,
    1.560976,
    0.585366,
    1.609756,
    0.634146,
    1.658537,
    0.682927,
    1.707317,
    0.731707,
    1.756098,
    0.780488,
    1.804878,
    0.829268,
    1.853659,
    0.878049,
    1.902439,
    0.926829,
    1.95122,
    0.97561
  ],
  "ReceiveCoilName": "32Ch Head",
  "OperatorName": "KENNY",
  "real_protocol_name": "MAP_Merest_MID1+MID",
  "pdb_POSITION": "Supine",
  "pdb_ENTRY": "Head First",
  "pdb_CLINICALCOIL": "C-GE_32Ch Head",
  "pdb_COIL": "32Ch Head",
  "pdb_COILCOMPONENT": "32 Ch Head Coil",
  "pdb_PLANE": "OBLIQUE",
  "pdb_SEDESC": "MID1 - 1 run",
  "pdb_HOS": 0.0,
  "pdb_IMODE": "2D",
  "pdb_PSEQ": "Gradient Echo",
  "pdb_IOPT": "EPI, Asset, FMRI",
  "pdb_PLUG": 9.0,
  "pdb_FILTCHOICE": "None",
  "pdb_BWRT": 0.0,
  "pdb_TRICKSIMG": 1.0,
  "pdb_TAG_SPACE": 7.0,
  "pdb_TAG_TYPE": "None",
  "pdb_USERCV9": 1.0,
  "pdb_USERCV15": 0.0,
  "pdb_USERCV18": 0.0,
  "pdb_USERCV_MASK": 27579973.0,
  "pdb_USERCV_MASK2": 0.0,
  "pdb_NUMBVALUE": 1.0,
  "pdb_NUMSYNBVALUE": 1.0,
  "pdb_MULTISYNBVALUE": "1000.0;",
  "pdb_REOPT": 1.0,
  "pdb_FLIPANG": 75.0,
  "pdb_TE": "30.0",
  "pdb_NECHO": 1.0,
  "pdb_TR": 2000.0,
  "pdb_BPMMODE": 0.0,
  "pdb_AUTOTRGTYPE": 0.0,
  "pdb_PSDTRIG": 0.0,
  "pdb_SLICEORDER": 1.0,
  "pdb_VIEWORDER": 1.0,
  "pdb_TRREST": 1.0,
  "pdb_TRACTIVE": 1.0,
  "pdb_SEPSERIES": 0.0,
  "pdb_AUTOTRIGWIN": 0.0,
  "pdb_FOV": 24.0,
  "pdb_SLTHICK": 3.0,
  "pdb_SPC": 0.3,
  "pdb_GRXOPT": 0.0,
  "pdb_SLOC1": "0.0",
  "pdb_SLOC2": "A24.3",
  "pdb_SLOC3": "I61.9",
  "pdb_ELOC1": "0.0",
  "pdb_ELOC2": "A20.3",
  "pdb_ELOC3": "S70.1",
  "pdb_NOSLC": 41.0,
  "pdb_SL3PLANE": 0.0,
  "pdb_SL3PLANE1": 0.0,
  "pdb_SL3PLANE2": 0.0,
  "pdb_SL3PLANE3": 0.0,
  "pdb_SPCPERPLANE1": 0.0,
  "pdb_SPCPERPLANE2": 0.0,
  "pdb_SPCPERPLANE3": 0.0,
  "pdb_MATRIXX": 64.0,
  "pdb_MATRIXY": 64.0,
  "pdb_SWAPPF": "R/L",
  "pdb_NEX": 1.0,
  "pdb_CONTRAST": "No",
  "pdb_TBLDELTA": 0.0,
  "pdb_AUTOSHIM": "Auto",
  "pdb_PHASECORR": "Yes",
  "pdb_PAUSEDELMASKACQ": 1.0,
  "pdb_GRIP_SLGROUP1": "0.000000 22.262851 4.098400 0.000000 -0.030361 0.999539 0.000000 -0.999539 -0.030361 1.000000 0.000000 0.000000 41 0.000000 1 0.000000 0",
  "pdb_GRIP_NUMSLGROUPS": 1.0,
  "pdb_GRIP_TRACKER": 0.0,
  "pdb_GRIP_SPECTRO": 0.0,
  "pdb_GRIP_NUMPSCVOL": 0.0,
  "pdb_GRIP_PSCVOL1": 0.0,
  "pdb_GRIP_PSCVOL2": 0.0,
  "pdb_GRIP_PSCVOLFOV": 0.0,
  "pdb_GRIP_PSCVOLTHICK": 0.0,
  "pdb_GRIP_PSCVOLSLAB": 0.0,
  "pdb_GRIP_IRBAND_A": 0.0,
  "pdb_GRIP_IRBAND_B": 0.0,
  "pdb_AUTOSUBOPTIONS": 0.0,
  "pdb_AUTOSCIC": 0.0,
  "pdb_AUTOVOICE": 0.0,
  "pdb_PRESETDELAY": 0.0,
  "pdb_MASKPHASE": 0.0,
  "pdb_MASKPAUSE": 0.0,
  "pdb_GRXLOCSAVE": 3.0,
  "pdb_AUTOCOIL": 0.0,
  "pdb_ONETOUCHREG": 0.0,
  "pdb_MPHPRESERVEMODE": 0.0,
  "pdb_TEMPORALPHASES": 4.0,
  "pdb_MEGFREQ": 60.0,
  "pdb_DRIVERAMP": 50.0,
  "pdb_MEGDIR": 4.0,
  "pdb_DRIVERFREQ": 60.0,
  "pdb_RFDRIVEMODE": "Single",
  "pdb_EXCITATIONMODE": "Selective",
  "pdb_ANATOMY": "SRT%5CNone%5CT-D1100",
  "pdb_PSCSHIMTG": 0.0,
  "pdb_SAVEORIGINAL": 0.0,
  "pdb_PSDNAME": "epiRTnihVR",
  "pdb_USERCV0": 1.0,
  "pdb_USERCV2": 1.0,
  "pdb_USERCV10": 7.0,
  "pdb_USERCV12": 0.0,
  "pdb_USERCV14": 1.0,
  "pdb_USERCV23": 4.0,
  "pdb_NUMSHOTS": 1.0,
  "pdb_INITSTATE": 0.0,
  "pdb_DUMACQ": 0.0,
  "pdb_SLPERLOC": 366.0,
  "pdb_DELACQ": 0.0,
  "pdb_DELACQNOAV": 0.0,
  "pdb_PDGMUID": "1.2.840.113819.3.20060302.1",
  "pdb_PDGMSTR": "Research Mode",
  "pdb_PHASEFOV": 1.0,
  "pdb_PHASEACCEL": 2.0,
  "pdb_NAVPSCPAUSE": 0.0,
  "CleanOperatorName": "KENNY"
}