{
  "Modality": "MR",
  "MagneticFieldStrength": 3,
  "ImagingFrequency": 127.725,
  "Manufacturer": "GE",
  "ManufacturersModelName": "DISCOVERY_MR750",
  "InstitutionName": "NIH_FMRIF",
  "DeviceSerialNumber": "00000000000o2o2o",
  "StationName": "fmrif3tc",
  "BodyPartExamined": "BRAIN",
  "PatientPosition": "HFS",
  "ProcedureStepDescription": "MRI_Procedure_Limited",
  "SoftwareVersions": "27_LX_MR_Software_release:DV26.0_R01_1725.a",
  "MRAcquisitionType": "2D",
  "SeriesDescription": "T2_1.7mm_fat_sat",
  "ProtocolName": "T2_1.7mm_fat_sat",
  "ScanningSequence": "SE",
  "SequenceVariant": "SK",
  "ScanOptions": "FAST_GEMS_SAT_GEMS_TRF_GEMS_FS_FSA_GEMS",
  "ImageType": [
    "ORIGINAL",
    "PRIMARY",
    "OTHER"
  ],
  "SeriesNumber": 21,
  "AcquisitionNumber": 1,
  "SliceThickness": 1.7,
  "SpacingBetweenSlices": 1.7,
  "SAR": 0.6279,
  "EchoTime": 0.09858,
  "RepetitionTime": 7,
  "FlipAngle": 111,
  "CoilString": "32Ch_Head",
  "PercentPhaseFOV": 80,
  "PercentSampling": 100,
  "EchoTrainLength": 16,
  "AcquisitionMatrixPE": 192,
  "ReconMatrixPE": 256,
  "PixelBandwidth": 488.281,
  "PhaseEncodingAxis": "i",
  "ImageOrientationPatientDICOM": [
    1,
    0,
    0,
    0,
    1,
    0
  ],
  "InPlanePhaseEncodingDirectionDICOM": "ROW",
  "ConversionSoftware": "dcm2niix",
  "ConversionSoftwareVersion": "v1.0.20200331",
  "AcquisitionDateTime": "1852-12-28T18:42:30"
}