{
  "Modality": "MR",
  "MagneticFieldStrength": 3,
  "ImagingFrequency": 127.725,
  "Manufacturer": "GE",
  "ManufacturersModelName": "DISCOVERY_MR750",
  "InstitutionName": "NIH_FMRIF",
  "DeviceSerialNumber": "00000000000o2o2o",
  "StationName": "fmrif3tc",
  "BodyPartExamined": "BRAIN",
  "PatientPosition": "HFS",
  "ProcedureStepDescription": "MRI_Brain",
  "SoftwareVersions": "27_LX_MR_Software_release:DV26.0_R01_1725.a",
  "MRAcquisitionType": "2D",
  "SeriesDescription": "edti_25mm_62vol_AP",
  "ProtocolName": "edti_25mm_62vol_AP",
  "ScanningSequence": "EP_RM",
  "SequenceVariant": "NONE",
  "ScanOptions": "SAT_GEMS_EPI_GEMS_ACC_GEMS_PFF_FS",
  "ImageType": [
    "ORIGINAL",
    "PRIMARY",
    "OTHER"
  ],
  "SeriesNumber": 19,
  "AcquisitionNumber": 1,
  "SliceThickness": 2.5,
  "SpacingBetweenSlices": 2.5,
  "SAR": 0.532508,
  "EchoTime": 0.0788,
  "RepetitionTime": 7.1,
  "FlipAngle": 90,
  "PhaseEncodingPolarityGE": "Flipped",
  "CoilString": "32Ch_Head",
  "PercentPhaseFOV": 100,
  "PercentSampling": 100,
  "AcquisitionMatrixPE": 96,
  "ReconMatrixPE": 128,
  "EffectiveEchoSpacing": 0.000592,
  "TotalReadoutTime": 0.075184,
  "PixelBandwidth": 3906.25,
  "PhaseEncodingDirection": "j",
  "ImageOrientationPatientDICOM": [
    1,
    0,
    0,
    0,
    1,
    0
  ],
  "InPlanePhaseEncodingDirectionDICOM": "COL",
  "ConversionSoftware": "dcm2niix",
  "ConversionSoftwareVersion": "v1.0.20200331",
  "AcquisitionDateTime": "1831-09-02T19:29:46"
}